GIT
  remote: https://github.com/eddietejeda/guard-webpack
  revision: 347cdf46ed0cfd1076ae3578b3c434bdc552c510
  specs:
    guard-webpack (0.1.3)
      guard (< 3.0)

GEM
  remote: https://rubygems.org/
  specs:
    Ascii85 (1.1.0)
    activemodel (6.0.3.2)
      activesupport (= 6.0.3.2)
    activerecord (6.0.3.2)
      activemodel (= 6.0.3.2)
      activesupport (= 6.0.3.2)
    activesupport (6.0.3.2)
      concurrent-ruby (~> 1.0, >= 1.0.2)
      i18n (>= 0.7, < 2)
      minitest (~> 5.1)
      tzinfo (~> 1.1)
      zeitwerk (~> 2.2, >= 2.2.2)
    afm (0.2.2)
    ast (2.4.1)
    awesome_print (1.8.0)
    backports (3.18.1)
    byebug (11.1.3)
    coderay (1.1.3)
    colorize (1.1.0)
    concurrent-ruby (1.1.7)
    crass (1.0.6)
    curb (0.9.10)
    escape_utils (1.2.1)
    faraday (1.0.1)
      multipart-post (>= 1.2, < 3)
    faraday_middleware (1.0.0)
      faraday (~> 1.0)
    feedjira (3.1.1)
      loofah (>= 2.3.1)
      sax-machine (>= 1.0)
    ffi (1.13.1)
    formatador (0.2.5)
    guard (2.16.2)
      formatador (>= 0.2.4)
      listen (>= 2.7, < 4.0)
      lumberjack (>= 1.0.12, < 2.0)
      nenv (~> 0.1)
      notiffany (~> 0.0)
      pry (>= 0.9.12)
      shellany (~> 0.0)
      thor (>= 0.18.1)
    hashery (2.1.2)
    hashie (4.1.0)
    i18n (1.8.5)
      concurrent-ruby (~> 1.0)
    iex-ruby-client (1.2.0)
      faraday (>= 0.17)
      faraday_middleware
      hashie
      money_helper
    listen (3.2.1)
      rb-fsevent (~> 0.10, >= 0.10.3)
      rb-inotify (~> 0.9, >= 0.9.10)
    loofah (2.7.0)
      crass (~> 1.0.2)
      nokogiri (>= 1.5.9)
    lumberjack (1.2.7)
    method_source (1.0.0)
    mini_portile2 (2.4.0)
    minitest (5.14.1)
    money (6.13.8)
      i18n (>= 0.6.4, <= 2)
    money_helper (1.0.2)
      activesupport
      money (~> 6.5)
    monkey-lib (0.4.2)
      backports
    multi_json (1.15.0)
    multipart-post (2.1.1)
    mustermann (1.1.1)
      ruby2_keywords (~> 0.0.1)
    nenv (0.3.0)
    nio4r (2.5.2)
    nokogiri (1.10.10)
      mini_portile2 (~> 2.4.0)
    notiffany (0.1.3)
      nenv (~> 0.1)
      shellany (~> 0.0)
    ox (2.11.0)
    parallel (1.19.2)
    parser (2.7.1.4)
      ast (~> 2.4.1)
    pdf-reader (2.11.0)
      Ascii85 (~> 1.0)
      afm (~> 0.2.1)
      hashery (~> 2.0)
      ruby-rc4
      ttfunk
    pg (1.2.3)
    pry (0.13.1)
      coderay (~> 1.1)
      method_source (~> 1.0)
    puma (4.3.5)
      nio4r (~> 2.0)
    rack (2.2.3)
    rack-protection (2.0.8.1)
      rack
    rack-test (1.1.0)
      rack (>= 1.0, < 3)
    rainbow (3.0.0)
    rake (13.0.1)
    rb-fsevent (0.10.4)
    rb-inotify (0.10.1)
      ffi (~> 1.0)
    regexp_parser (1.7.1)
    rexml (3.2.4)
    roo (2.8.3)
      nokogiri (~> 1)
      rubyzip (>= 1.3.0, < 3.0.0)
    rubocop (0.89.0)
      parallel (~> 1.10)
      parser (>= 2.7.1.1)
      rainbow (>= 2.2.2, < 4.0)
      regexp_parser (>= 1.7)
      rexml
      rubocop-ast (>= 0.1.0, < 1.0)
      ruby-progressbar (~> 1.7)
      unicode-display_width (>= 1.4.0, < 2.0)
    rubocop-ast (0.3.0)
      parser (>= 2.7.1.4)
    ruby-progressbar (1.10.1)
    ruby-rc4 (0.1.5)
    ruby2_keywords (0.0.2)
    rubyzip (2.3.0)
    sax-machine (1.3.2)
    shellany (0.0.1)
    sinatra (2.0.8.1)
      mustermann (~> 1.0)
      rack (~> 2.0)
      rack-protection (= 2.0.8.1)
      tilt (~> 2.0)
    sinatra-activerecord (2.0.18)
      activerecord (>= 4.1)
      sinatra (>= 1.0)
    sinatra-advanced-routes (0.4.1)
      monkey-lib (~> 0.4.0)
      sinatra (>= 0.9.4)
      sinatra-sugar (~> 0.4.0)
    sinatra-contrib (2.0.8.1)
      backports (>= 2.8.2)
      multi_json
      mustermann (~> 1.0)
      rack-protection (= 2.0.8.1)
      sinatra (= 2.0.8.1)
      tilt (~> 2.0)
    sinatra-export (1.0.1)
      rack
      rack-test
      rake
      sinatra
      sinatra-advanced-routes
      term-ansicolor
    sinatra-sugar (0.4.1)
      monkey-lib (~> 0.4.0)
      sinatra (>= 0.9.4)
    smarter_csv (1.2.6)
    sync (0.5.0)
    term-ansicolor (1.7.1)
      tins (~> 1.0)
    thor (1.0.1)
    thread_safe (0.3.6)
    tilt (2.0.10)
    tins (1.25.0)
      sync
    ttfunk (1.7.0)
    tzinfo (1.2.7)
      thread_safe (~> 0.1)
    unicode-display_width (1.7.0)
    xmlhasher (1.0.5)
      escape_utils (~> 1.2)
      ox (~> 2.11.0)
    zeitwerk (2.4.0)

PLATFORMS
  ruby

DEPENDENCIES
  awesome_print (~> 1.8)
  byebug (~> 11.1)
  colorize (~> 1.1)
  curb (~> 0.9.10)
  feedjira (~> 3.1)
  guard (~> 2.16)
  guard-webpack!
  iex-ruby-client (~> 1.2)
  pdf-reader (~> 2.11)
  pg (~> 1.2)
  puma (~> 4.3)
  rake (~> 13.0)
  roo (~> 2.8)
  rubocop (~> 0.89.0)
  rubyzip (~> 2.3)
  sinatra (~> 2.0)
  sinatra-activerecord (~> 2.0)
  sinatra-contrib (~> 2.0)
  sinatra-export (~> 1.0)
  smarter_csv (~> 1.2)
  xmlhasher (~> 1.0)

BUNDLED WITH
   2.1.4
